PATH
  remote: .
  specs:
    rhet-butler (0.14.1)
      RedCloth (~> 4.3.0)
      addressable
      compass-core (~> 1.0.0)
      compass-import-once (~> 1.0.1)
      crass
      kramdown (>= 1.7, < 2.5)
      nokogiri
      rack (> 0)
      rqrcode (~> 0.4.2)
      sockjs (~> 0.3.4)
      system-getifaddrs (~> 0.2.0)
      thin (> 0)
      thor (> 0)
      tilt (< 2.0)
      valise (~> 1.0)

GEM
  remote: https://rubygems.org/
  specs:
    RedCloth (4.3.2)
    addressable (2.8.1)
      public_suffix (>= 2.0.2, < 6.0)
    cadre (1.0.4)
      thor (>= 0.14, < 1.0)
      tilt (> 1.0)
      valise (~> 1.2)
    calibrate (0.0.1)
    caliph (0.3.1)
    chrome_remote (0.2.0)
      websocket-driver (~> 0.6)
    chunky_png (1.3.11)
    compass (1.0.3)
      chunky_png (~> 1.2)
      compass-core (~> 1.0.2)
      compass-import-once (~> 1.0.5)
      rb-fsevent (>= 0.9.3)
      rb-inotify (>= 0.9)
      sass (>= 3.3.13, < 3.5)
    compass-core (1.0.3)
      multi_json (~> 1.0)
      sass (>= 3.3.0, < 3.5)
    compass-import-once (1.0.5)
      sass (>= 3.2, < 3.5)
    corundum (0.6.3)
      bundler (~> 1.10)
      caliph (~> 0.3)
      mattock (~> 0.9)
      paint (~> 0.8)
      rspec (>= 2.0, < 4)
      simplecov (>= 0.5)
      simplecov-json (~> 0.2)
    crack (0.4.3)
      safe_yaml (~> 1.0.0)
    crass (1.0.6)
    daemons (1.4.1)
    diff-lcs (1.3)
    docile (1.3.1)
    eventmachine (1.2.7)
    faye-websocket (0.7.5)
      eventmachine (>= 0.12.0)
      websocket-driver (>= 0.3.5)
    ffi (1.10.0)
    fuubar (2.3.2)
      rspec-core (~> 3.0)
      ruby-progressbar (~> 1.4)
    hashdiff (0.3.8)
    jasmine (3.4.0)
      jasmine-core (~> 3.4.0)
      phantomjs
      rack (>= 1.2.1)
      rake
    jasmine-core (3.4.0)
    json (2.6.2)
    kramdown (2.4.0)
      rexml
    mattock (0.10.1)
      calibrate (~> 0.0.1)
      caliph (~> 0.3)
      rake (~> 10.0)
      tilt (> 0)
      valise (~> 1.1)
    mini_portile2 (2.8.0)
    multi_json (1.13.1)
    nokogiri (1.13.6)
      mini_portile2 (~> 2.8.0)
      racc (~> 1.4)
    paint (0.9.0)
    phantomjs (2.1.1.0)
    public_suffix (5.0.0)
    racc (1.6.0)
    rack (2.2.6.3)
    rack-mount (0.8.3)
      rack (>= 1.0.0)
    rack-test (1.1.0)
      rack (>= 1.0, < 3)
    rake (10.5.0)
    rb-fsevent (0.10.3)
    rb-inotify (0.10.0)
      ffi (~> 1.0)
    rexml (3.2.5)
    rqrcode (0.4.2)
    rspec (3.8.0)
      rspec-core (~> 3.8.0)
      rspec-expectations (~> 3.8.0)
      rspec-mocks (~> 3.8.0)
    rspec-core (3.8.0)
      rspec-support (~> 3.8.0)
    rspec-expectations (3.8.2)
      diff-lcs (>= 1.2.0, < 2.0)
      rspec-support (~> 3.8.0)
    rspec-its (1.3.0)
      rspec-core (>= 3.0.0)
      rspec-expectations (>= 3.0.0)
    rspec-mocks (3.8.0)
      diff-lcs (>= 1.2.0, < 2.0)
      rspec-support (~> 3.8.0)
    rspec-support (3.8.0)
    ruby-progressbar (1.10.0)
    safe_yaml (1.0.5)
    sass (3.4.25)
    simplecov (0.16.1)
      docile (~> 1.1)
      json (>= 1.8, < 3)
      simplecov-html (~> 0.10.0)
    simplecov-html (0.10.2)
    simplecov-json (0.2)
      json
      simplecov
    sockjs (0.3.4.0)
      faye-websocket (~> 0.7.1)
      json
      rack
      rack-mount (~> 0.8.3)
      thin
    system-getifaddrs (0.2.3)
    thin (1.8.1)
      daemons (~> 1.0, >= 1.0.9)
      eventmachine (~> 1.0, >= 1.0.4)
      rack (>= 1, < 3)
    thor (0.20.3)
    tilt (1.4.1)
    valise (1.2.1)
    vcr (4.0.0)
    webmock (3.5.1)
      addressable (>= 2.3.6)
      crack (>= 0.3.2)
      hashdiff
    websocket-driver (0.7.0)
      websocket-extensions (>= 0.1.0)
    websocket-extensions (0.1.5)

PLATFORMS
  ruby

DEPENDENCIES
  cadre
  chrome_remote
  compass (~> 1.0)
  corundum (= 0.6.3)
  fuubar
  jasmine
  nokogiri
  rack-test
  rhet-butler!
  rspec
  rspec-its
  simplecov-json
  vcr
  webmock

BUNDLED WITH
   1.17.2
