PATH
  remote: .
  specs:
    rhet-butler (0.0.1)
      RedCloth (~> 4.2.9)
      rack (> 0)
      rqrcode (~> 0.4.2)
      sockjs (~> 0.2.1)
      system-getifaddrs (~> 0.2.0)
      thin (> 0)
      thor (> 0)
      tilt (> 0)
      valise (~> 0.9.1)

GEM
  remote: http://rubygems.org/
  specs:
    RedCloth (4.2.9)
    chunky_png (1.2.6)
    compass (0.12.2)
      chunky_png (~> 1.2)
      fssm (>= 0.2.7)
      sass (~> 3.1)
    corundum (0.0.25)
      bundler
      compass (>= 0.12.1)
      mailfactory (~> 1.4.0)
      mattock (>= 0.3.0)
      nokogiri
      rake-rubygems (>= 0.2.0)
      rdoc
      rspec (>= 2.0)
      sass (>= 3.1)
      simplecov (>= 0.5.4)
      yard
    daemons (1.1.9)
    diff-lcs (1.1.3)
    eventmachine (1.0.3)
    faye-websocket (0.4.7)
      eventmachine (>= 0.12.0)
    fssm (0.2.9)
    fuubar (1.1.0)
      rspec (~> 2.0)
      rspec-instafail (~> 0.2.0)
      ruby-progressbar (~> 1.0.0)
    json (1.7.5)
    mailfactory (1.4.0)
      mime-types (>= 1.13.1)
    mattock (0.3.4)
      tilt (> 0)
      valise (>= 0.6)
    mime-types (1.19)
    multi_json (1.5.0)
    nokogiri (1.5.5)
    rack (1.4.1)
    rack-mount (0.8.3)
      rack (>= 1.0.0)
    rack-test (0.6.1)
      rack (>= 1.0)
    rake (10.0.3)
    rake-rubygems (0.2.0)
      rake (>= 0.8.7)
    rdoc (3.12)
      json (~> 1.4)
    regin (0.3.8)
    rqrcode (0.4.2)
    rspec (2.12.0)
      rspec-core (~> 2.12.0)
      rspec-expectations (~> 2.12.0)
      rspec-mocks (~> 2.12.0)
    rspec-core (2.12.2)
    rspec-expectations (2.12.1)
      diff-lcs (~> 1.1.3)
    rspec-instafail (0.2.4)
    rspec-mocks (2.12.0)
    ruby-progressbar (1.0.2)
    sass (3.2.3)
    simplecov (0.7.1)
      multi_json (~> 1.0)
      simplecov-html (~> 0.7.1)
    simplecov-html (0.7.1)
    sockjs (0.2.1)
      faye-websocket (~> 0.4.3)
      json
      rack
      rack-mount (~> 0.8.3)
      regin (~> 0.3.8)
      thin
    system-getifaddrs (0.2.0)
    thin (1.5.1)
      daemons (>= 1.0.9)
      eventmachine (>= 0.12.6)
      rack (>= 1.0.0)
    thor (0.18.1)
    tilt (1.3.3)
    valise (0.9.1)
    yard (0.8.3)

PLATFORMS
  ruby

DEPENDENCIES
  corundum
  fuubar
  mattock
  nokogiri
  rack-test
  rhet-butler!
