PATH
  remote: .
  specs:
    rhet-butler (0.13.0)
      RedCloth (~> 4.2.9)
      addressable
      compass-core (~> 1.0.0)
      compass-import-once (~> 1.0.1)
      crass
      kramdown (~> 1.7.0)
      nokogiri
      rack (> 0)
      rqrcode (~> 0.4.2)
      sockjs (~> 0.3.4)
      system-getifaddrs (~> 0.2.0)
      thin (> 0)
      thor (> 0)
      tilt (< 2.0)
      valise (~> 1.0)

GEM
  remote: https://rubygems.org/
  specs:
    RedCloth (4.2.9)
    addressable (2.3.5)
    cadre (0.2.0)
      thor (~> 0.18.1)
      tilt (~> 1.0)
      valise (~> 1.0)
    chunky_png (1.3.1)
    compass (1.0.0)
      chunky_png (~> 1.2)
      compass-core (~> 1.0.0)
      compass-import-once (~> 1.0.5)
      rb-fsevent (>= 0.9.3)
      rb-inotify (>= 0.9)
      sass (>= 3.3.13, < 3.5)
    compass-core (1.0.0)
      multi_json (~> 1.0)
      sass (>= 3.3.0, < 3.5)
    compass-import-once (1.0.5)
      sass (>= 3.2, < 3.5)
    corundum (0.3.6)
      bundler
      compass (>= 0.12.1)
      mailfactory (~> 1.4.0)
      mattock (~> 0.7.1)
      nokogiri
      paint (~> 0.8.7)
      rdoc
      rspec (>= 2.0)
      simplecov (>= 0.5.4)
      yard
    crack (0.4.1)
      safe_yaml (~> 0.9.0)
    crass (1.0.2)
    daemons (1.2.2)
    diff-lcs (1.2.5)
    docile (1.1.5)
    eventmachine (1.0.7)
    faye-websocket (0.7.5)
      eventmachine (>= 0.12.0)
      websocket-driver (>= 0.3.5)
    ffi (1.9.3)
    fuubar (1.1.0)
      rspec (~> 2.0)
      rspec-instafail (~> 0.2.0)
      ruby-progressbar (~> 1.0.0)
    json (1.8.1)
    kramdown (1.7.0)
    mailfactory (1.4.0)
      mime-types (>= 1.13.1)
    mattock (0.7.1)
      rake (~> 10.0)
      tilt (> 0)
      valise (~> 1.1.1)
    mime-types (2.3)
    mini_portile (0.5.2)
    multi_json (1.10.1)
    nokogiri (1.6.0)
      mini_portile (~> 0.5.0)
    paint (0.8.7)
    perftools.rb (2.0.1)
    rack (1.4.1)
    rack-mount (0.8.3)
      rack (>= 1.0.0)
    rack-test (0.6.1)
      rack (>= 1.0)
    rake (10.3.2)
    rb-fsevent (0.9.4)
    rb-inotify (0.9.5)
      ffi (>= 0.5.0)
    rdoc (4.1.1)
      json (~> 1.4)
    rqrcode (0.4.2)
    rspec (2.14.1)
      rspec-core (~> 2.14.0)
      rspec-expectations (~> 2.14.0)
      rspec-mocks (~> 2.14.0)
    rspec-core (2.14.7)
    rspec-expectations (2.14.4)
      diff-lcs (>= 1.1.3, < 2.0)
    rspec-instafail (0.2.4)
    rspec-mocks (2.14.4)
    ruby-progressbar (1.0.2)
    safe_yaml (0.9.7)
    sass (3.3.14)
    simplecov (0.9.0)
      docile (~> 1.1.0)
      multi_json
      simplecov-html (~> 0.8.0)
    simplecov-html (0.8.0)
    sockjs (0.3.4.0)
      faye-websocket (~> 0.7.1)
      json
      rack
      rack-mount (~> 0.8.3)
      thin
    system-getifaddrs (0.2.1)
    thin (1.6.3)
      daemons (~> 1.0, >= 1.0.9)
      eventmachine (~> 1.0)
      rack (~> 1.0)
    thor (0.18.1)
    tilt (1.4.1)
    valise (1.1.1)
    vcr (2.7.0)
    webmock (1.16.0)
      addressable (>= 2.2.7)
      crack (>= 0.3.2)
    websocket-driver (0.5.4)
      websocket-extensions (>= 0.1.0)
    websocket-extensions (0.1.2)
    yard (0.8.7.4)

PLATFORMS
  ruby

DEPENDENCIES
  cadre
  compass (~> 1.0)
  corundum
  fuubar
  nokogiri
  perftools.rb
  rack-test
  rhet-butler!
  vcr
  webmock
