PATH
  remote: .
  specs:
    rhet-butler (0.0.1)
      rack (> 0)
      thin (> 0)
      thor (> 0)
      tilt (> 0)

PATH
  remote: ../corundum
  specs:
    corundum (0.0.22)
      bundler (>= 1.1.0)
      compass (>= 0.12.1)
      mailfactory (~> 1.4.0)
      mattock (>= 0.2.13)
      nokogiri
      rake-rubygems (>= 0.2.0)
      rdoc
      rspec (>= 2.0)
      sass (>= 3.1)
      simplecov (>= 0.5.4)
      yard

PATH
  remote: ../mattock
  specs:
    mattock (0.2.13)
      tilt (> 0)
      valise (>= 0.6)

PATH
  remote: ../valise
  specs:
    valise (0.8)

GEM
  remote: http://rubygems.org/
  specs:
    chunky_png (1.2.6)
    compass (0.12.2)
      chunky_png (~> 1.2)
      fssm (>= 0.2.7)
      sass (~> 3.1)
    daemons (1.1.8)
    diff-lcs (1.1.3)
    eventmachine (0.12.10)
    fssm (0.2.9)
    json (1.7.5)
    mailfactory (1.4.0)
      mime-types (>= 1.13.1)
    mime-types (1.19)
    multi_json (1.3.6)
    nokogiri (1.5.5)
    rack (1.4.1)
    rack-test (0.6.1)
      rack (>= 1.0)
    rake (0.9.2.2)
    rake-rubygems (0.2.0)
      rake (>= 0.8.7)
    rdoc (3.12)
      json (~> 1.4)
    rspec (2.11.0)
      rspec-core (~> 2.11.0)
      rspec-expectations (~> 2.11.0)
      rspec-mocks (~> 2.11.0)
    rspec-core (2.11.1)
    rspec-expectations (2.11.3)
      diff-lcs (~> 1.1.3)
    rspec-mocks (2.11.2)
    sass (3.2.1)
    simplecov (0.6.4)
      multi_json (~> 1.0)
      simplecov-html (~> 0.5.3)
    simplecov-html (0.5.3)
    thin (1.3.1)
      daemons (>= 1.0.9)
      eventmachine (>= 0.12.6)
      rack (>= 1.0.0)
    thor (0.15.4)
    tilt (1.3.3)
    yard (0.8.2.1)

PLATFORMS
  ruby

DEPENDENCIES
  corundum!
  mattock!
  nokogiri
  rack-test
  rhet-butler!
  valise!
